GEM
  remote: https://rubygems.org/
  specs:
    bijint (0.5.0)

PLATFORMS
  ruby

DEPENDENCIES
  bijint

BUNDLED WITH
   1.10.6
